PATH
  remote: .
  specs:
    aha-cli (0.0.1)
      addressable
      faraday (~> 0.12.1)
      faraday_middleware
      rake
      thor

GEM
  remote: https://rubygems.org/
  specs:
    addressable (2.5.1)
      public_suffix (~> 2.0, >= 2.0.2)
    byebug (9.0.6)
    faraday (0.12.1)
      multipart-post (>= 1.2, < 3)
    faraday_middleware (0.11.0.1)
      faraday (>= 0.7.4, < 1.0)
    multipart-post (2.0.0)
    public_suffix (2.0.5)
    rake (12.0.0)
    thor (0.19.4)

PLATFORMS
  ruby

DEPENDENCIES
  aha-cli!
  byebug

BUNDLED WITH
   1.14.6
